PATH
  remote: .
  specs:
    fastimage (1.5.2)
      addressable (~> 2.3.5)

GEM
  specs:
    addressable (2.3.5)
    fakeweb (1.3.0)

PLATFORMS
  ruby

DEPENDENCIES
  fakeweb (~> 1.3.0)
  fastimage!
